GIT
  remote: https://github.com/longshanksmo/ruby-sdk.git
  revision: 29204c17fd7c99cbe2d1a62958f6fca5f5c55e53
  branch: feature/to_v6
  specs:
    qiniu-rs (6.0.0)
      json (~> 1.7)
      mime-types (~> 1.19)
      rest-client (~> 1.6)
      ruby-hmac (~> 0.4)

PATH
  remote: .
  specs:
    paperclip-qiniu (0.1.0)
      paperclip
      qiniu-rs (~> 6.0)

GEM
  remote: https://rubygems.org/
  specs:
    activemodel (4.0.0)
      activesupport (= 4.0.0)
      builder (~> 3.1.0)
    activesupport (4.0.0)
      i18n (~> 0.6, >= 0.6.4)
      minitest (~> 4.2)
      multi_json (~> 1.3)
      thread_safe (~> 0.1)
      tzinfo (~> 0.3.37)
    atomic (1.1.12)
    builder (3.1.4)
    climate_control (0.0.3)
      activesupport (>= 3.0)
    cocaine (0.5.1)
      climate_control (>= 0.0.3, < 1.0)
    diff-lcs (1.2.4)
    i18n (0.6.4)
    json (1.8.0)
    mime-types (1.23)
    minitest (4.7.5)
    multi_json (1.7.8)
    paperclip (3.5.1)
      activemodel (>= 3.0.0)
      activesupport (>= 3.0.0)
      cocaine (~> 0.5.0)
      mime-types
    rest-client (1.6.7)
      mime-types (>= 1.16)
    rspec (2.14.1)
      rspec-core (~> 2.14.0)
      rspec-expectations (~> 2.14.0)
      rspec-mocks (~> 2.14.0)
    rspec-core (2.14.4)
    rspec-expectations (2.14.0)
      diff-lcs (>= 1.1.3, < 2.0)
    rspec-mocks (2.14.2)
    ruby-hmac (0.4.0)
    thread_safe (0.1.2)
      atomic
    tzinfo (0.3.37)

PLATFORMS
  ruby

DEPENDENCIES
  paperclip-qiniu!
  qiniu-rs!
  rspec
