PATH
  remote: .
  specs:
    paperclip-qiniu (0.0.1)

GEM
  remote: https://rubygems.org/
  specs:

PLATFORMS
  ruby

DEPENDENCIES
  paperclip-qiniu!
